GIT
  remote: git://github.com/jekyll/jekyll.git
  revision: 1b1e85c0b80075d970d06f23b98633356ae5ed4b
  specs:
    jekyll (2.0.0.rc1)
      classifier (~> 1.3)
      colorator (~> 0.1)
      jekyll-coffeescript (~> 1.0)
      jekyll-sass-converter (~> 1.0.0.rc4)
      liquid (~> 2.5.5)
      listen (~> 2.5)
      maruku (= 0.7.0)
      mercenary (~> 0.3.1)
      pygments.rb (~> 0.5.0)
      redcarpet (~> 3.1)
      safe_yaml (~> 1.0)
      toml (~> 0.1.0)

GEM
  remote: https://rubygems.org/
  specs:
    activesupport (4.1.0)
      i18n (~> 0.6, >= 0.6.9)
      json (~> 1.7, >= 1.7.7)
      minitest (~> 5.1)
      thread_safe (~> 0.1)
      tzinfo (~> 1.1)
    blankslate (2.1.2.4)
    celluloid (0.15.2)
      timers (~> 1.1.0)
    celluloid-io (0.15.0)
      celluloid (>= 0.15.0)
      nio4r (>= 0.5.0)
    classifier (1.3.4)
      fast-stemmer (>= 1.0.0)
    coderay (1.1.0)
    coffee-script (2.2.0)
      coffee-script-source
      execjs
    coffee-script-source (1.7.0)
    colorator (0.1)
    domain_name (0.5.18)
      unf (>= 0.0.5, < 1.0.0)
    erubis (2.7.0)
    execjs (2.0.2)
    fakeweb (1.3.0)
    fast-stemmer (1.0.2)
    ffi (1.9.3)
    http-cookie (1.0.2)
      domain_name (~> 0.5)
    i18n (0.6.9)
    jekyll-coffeescript (1.0.0)
      coffee-script (~> 2.2)
    jekyll-sass-converter (1.0.0.rc4)
      sass (~> 3.2)
    json (1.8.1)
    liquid (2.5.5)
    listen (2.7.3)
      celluloid (>= 0.15.2)
      celluloid-io (>= 0.15.0)
      rb-fsevent (>= 0.9.3)
      rb-inotify (>= 0.9)
    maruku (0.7.0)
    mechanize (2.7.3)
      domain_name (~> 0.5, >= 0.5.1)
      http-cookie (~> 1.0)
      mime-types (~> 2.0)
      net-http-digest_auth (~> 1.1, >= 1.1.1)
      net-http-persistent (~> 2.5, >= 2.5.2)
      nokogiri (~> 1.4)
      ntlm-http (~> 0.1, >= 0.1.1)
      webrobots (>= 0.0.9, < 0.2)
    mercenary (0.3.2)
    metaclass (0.0.4)
    method_source (0.8.2)
    mime-types (2.2)
    mini_portile (0.5.3)
    minitest (5.3.3)
    mocha (1.0.0)
      metaclass (~> 0.0.1)
    net-http-digest_auth (1.4)
    net-http-persistent (2.9.4)
    nio4r (1.0.0)
    nokogiri (1.6.1)
      mini_portile (~> 0.5.0)
    ntlm-http (0.1.1)
    parslet (1.5.0)
      blankslate (~> 2.0)
    posix-spawn (0.3.8)
    pry (0.9.12.6)
      coderay (~> 1.0)
      method_source (~> 0.8)
      slop (~> 3.4)
    pygments.rb (0.5.4)
      posix-spawn (~> 0.3.6)
      yajl-ruby (~> 1.1.0)
    rake (10.3.1)
    rb-fsevent (0.9.4)
    rb-inotify (0.9.4)
      ffi (>= 0.5.0)
    redcarpet (3.1.1)
    safe_yaml (1.0.3)
    sass (3.3.6)
    slop (3.5.0)
    thread_safe (0.3.3)
    timers (1.1.0)
    toml (0.1.1)
      parslet (~> 1.5.0)
    tzinfo (1.1.0)
      thread_safe (~> 0.1)
    unf (0.1.4)
      unf_ext
    unf_ext (0.0.6)
    webrobots (0.1.1)
    yajl-ruby (1.1.0)

PLATFORMS
  ruby

DEPENDENCIES
  activesupport
  erubis
  fakeweb
  jekyll!
  mechanize
  mocha
  pry
  rake
